GEM
  remote: https://rubygems.org/
  specs:
    curses (1.2.3)

PLATFORMS
  ruby

DEPENDENCIES
  curses

RUBY VERSION
   ruby 2.3.3p222

BUNDLED WITH
   1.15.3
